GEM
  remote: https://rubygems.org/
  specs:
    active_record_inherit_assoc (2.3.0)
      activerecord (>= 3.2.0, < 5.1)
    activemodel (3.2.22.2)
      activesupport (= 3.2.22.2)
      builder (~> 3.0.0)
    activerecord (3.2.22.2)
      activemodel (= 3.2.22.2)
      activesupport (= 3.2.22.2)
      arel (~> 3.0.2)
      tzinfo (~> 0.3.29)
    activesupport (3.2.22.2)
      i18n (~> 0.6, >= 0.6.4)
      multi_json (~> 1.0)
    arel (3.0.3)
    builder (3.0.4)
    byebug (9.0.6)
    i18n (0.7.0)
    multi_json (1.12.1)
    pg (0.19.0)
    tzinfo (0.3.51)

PLATFORMS
  ruby

DEPENDENCIES
  active_record_inherit_assoc (= 2.3.0)
  activerecord (= 3.2.22.2)
  byebug
  pg

RUBY VERSION
   ruby 2.1.8p440

BUNDLED WITH
   1.12.5
