GEM
  remote: https://rubygems.org/
  specs:
    active_record_inherit_assoc (2.3.0)
      activerecord (>= 3.2.0, < 5.1)
    activemodel (5.0.0.1)
      activesupport (= 5.0.0.1)
    activerecord (5.0.0.1)
      activemodel (= 5.0.0.1)
      activesupport (= 5.0.0.1)
      arel (~> 7.0)
    activesupport (5.0.0.1)
      concurrent-ruby (~> 1.0, >= 1.0.2)
      i18n (~> 0.7)
      minitest (~> 5.1)
      tzinfo (~> 1.1)
    arel (7.1.4)
    concurrent-ruby (1.0.2)
    i18n (0.7.0)
    minitest (5.9.1)
    pg (0.18.4)
    thread_safe (0.3.5)
    tzinfo (1.2.2)
      thread_safe (~> 0.1)

PLATFORMS
  ruby

DEPENDENCIES
  active_record_inherit_assoc (= 2.3.0)
  pg

BUNDLED WITH
   1.12.5
